GEM
  remote: https://rubygems.org/
  specs:
    diff-lcs (1.2.5)
    haml (5.0.0)
      temple (>= 0.8.0)
      tilt
    rspec (2.14.1)
      rspec-core (~> 2.14.0)
      rspec-expectations (~> 2.14.0)
      rspec-mocks (~> 2.14.0)
    rspec-core (2.14.8)
    rspec-expectations (2.14.5)
      diff-lcs (>= 1.1.3, < 2.0)
    rspec-mocks (2.14.6)
    temple (0.10.0)
    tilt (2.0.11)

PLATFORMS
  ruby

DEPENDENCIES
  haml
  rspec
